GEM
  remote: https://rubygems.org/
  specs:
    coderay (1.1.1)
    json (2.0.3)
    method_source (0.8.2)
    mini_portile2 (2.1.0)
    minitest (5.10.1)
    nokogiri (1.7.1)
      mini_portile2 (~> 2.1.0)
    pry (0.10.4)
      coderay (~> 1.1.0)
      method_source (~> 0.8.1)
      slop (~> 3.4)
    rake (12.0.0)
    slop (3.6.0)

PLATFORMS
  ruby

DEPENDENCIES
  json
  minitest
  nokogiri
  pry
  rake

BUNDLED WITH
   1.14.6
